GIT
  remote: git://github.com/PagerDuty/pd-cap-recipes.git
  revision: 876014e66894b205501de9d8625f294c5374274f
  specs:
    pd-cap-recipes (0.0.2)
      git (>= 1.2.5)
      grit (>= 2.5.0)

GIT
  remote: git://github.com/ernie/ransack.git
  revision: 91c6ae0e8bb7d285278ce2cffc3fe814f3f7b120
  specs:
    ransack (0.7.0)
      actionpack (~> 3.0)
      activerecord (~> 3.0)
      polyamorous (~> 0.5.0)

GIT
  remote: git://github.com/fnando/i18n-js.git
  revision: eeec14066b50f72876aa789c9b1f226172452798
  specs:
    i18n-js (2.1.2)
      i18n

GIT
  remote: git://github.com/stefankroes/ancestry.git
  revision: 39f00abbbca1e6e90b1a268e918342b6950812c5
  specs:
    ancestry (2.0.0)
      activerecord (>= 3.0.0)

GIT
  remote: git://github.com/stevegraham/twilio-rb.git
  revision: 8ddf121ca5746a1ec3aed94af69ab470680fd0ae
  specs:
    twilio-rb (2.2.0)
      activesupport (>= 3.0.0)
      builder (>= 2.1.2)
      httparty (>= 0.6.1)
      i18n (~> 0.5)
      jwt (>= 0.1.3)

GIT
  remote: git://github.com/thoughtbot/paperclip.git
  revision: 83d8ec5a318cdf18c632faefd429940e862aec4c
  specs:
    paperclip (3.3.0)
      activemodel (>= 3.0.0)
      activerecord (>= 3.0.0)
      activesupport (>= 3.0.0)
      cocaine (~> 0.4.0)
      mime-types

GIT
  remote: git://github.com/twinge/carmen.git
  revision: 84d00d0319ff09ccff17c21d24e327806e665edb
  specs:
    carmen (0.2.7)

GIT
  remote: git://github.com/twinge/rack-oauth2-server.git
  revision: 33a5b65845faf84c0094a770447a5e716a19cb2e
  branch: active_record
  specs:
    trumant-rack-oauth2-server (2.2.1.1)
      rack (~> 1.1)
      rails (>= 2.3.11)

GIT
  remote: git://github.com/twinge/versionist.git
  revision: 1c546e743871c0e8aba7262b3a2a25f4e90c7173
  branch: multiple_versioning_strategies
  specs:
    versionist (0.3.1)
      rails (~> 3.0)
      yard (~> 0.7)

GIT
  remote: git://github.com/twinge/vpim.git
  revision: a26584128f95fcbe8e8f438e31d74b675e094a1f
  specs:
    vpim (11.9.6)

GEM
  remote: https://rubygems.org/
  specs:
    ZenTest (4.8.2)
    actionmailer (3.2.10)
      actionpack (= 3.2.10)
      mail (~> 2.4.4)
    actionpack (3.2.10)
      activemodel (= 3.2.10)
      activesupport (= 3.2.10)
      builder (~> 3.0.0)
      erubis (~> 2.7.0)
      journey (~> 1.0.4)
      rack (~> 1.4.0)
      rack-cache (~> 1.2)
      rack-test (~> 0.6.1)
      sprockets (~> 2.2.1)
    active_model_serializers (0.6.0)
      activemodel (>= 3.0)
    activeadmin (0.4.4)
      bourbon (>= 1.0.0)
      devise (>= 1.1.2)
      fastercsv
      formtastic (~> 2.1.1)
      inherited_resources (>= 1.3.1)
      jquery-rails (>= 1.0.0)
      kaminari (>= 0.13.0)
      meta_search (>= 0.9.2)
      rails (>= 3.0.0)
      sass (>= 3.1.0)
    activemodel (3.2.10)
      activesupport (= 3.2.10)
      builder (~> 3.0.0)
    activerecord (3.2.10)
      activemodel (= 3.2.10)
      activesupport (= 3.2.10)
      arel (~> 3.0.2)
      tzinfo (~> 0.3.29)
    activeresource (3.2.10)
      activemodel (= 3.2.10)
      activesupport (= 3.2.10)
    activesupport (3.2.10)
      i18n (~> 0.6)
      multi_json (~> 1.0)
    acts_as_list (0.1.8)
    addressable (2.3.2)
    airbrake (3.1.6)
      builder
      girl_friday
    airbrake_user_attributes (0.1.6)
      airbrake (~> 3.1.0)
    arel (3.0.2)
    autotest-rails (4.1.2)
      ZenTest (~> 4.5)
    awesome_print (1.1.0)
    aws-sdk (1.6.9)
      httparty (~> 0.7)
      json (~> 1.4)
      nokogiri (>= 1.4.4)
      uuidtools (~> 2.1)
    bcrypt-ruby (3.0.1)
    bitly (0.8.0)
      crack (>= 0.1.4)
      httparty (>= 0.7.6)
      oauth2 (>= 0.5.0, < 0.9)
    bourbon (2.1.1)
      sass (>= 3.1)
    builder (3.0.4)
    bullet (4.2.0)
      uniform_notifier
    cancan (1.6.8)
    capistrano (2.13.5)
      highline
      net-scp (>= 1.0.0)
      net-sftp (>= 2.0.0)
      net-ssh (>= 2.0.14)
      net-ssh-gateway (>= 1.1.0)
    chronic (0.6.7)
    client_side_validations (3.2.1)
    cocaine (0.4.2)
    coffee-rails (3.2.2)
      coffee-script (>= 2.2.0)
      railties (~> 3.2.0)
    coffee-script (2.2.0)
      coffee-script-source
      execjs
    coffee-script-source (1.4.0)
    connection_pool (0.9.2)
    copycopter_client (2.0.1)
      i18n (>= 0.5.0)
      json
    crack (0.3.1)
    daemons (1.1.9)
    dalli (2.3.0)
    deadlock_retry (1.2.0)
    default_value_for (2.0.1)
    delegate_presenter (0.0.2)
      rails
    devise (1.5.1)
      bcrypt-ruby (~> 3.0)
      orm_adapter (~> 0.0.3)
      warden (~> 1.1)
    diff-lcs (1.1.3)
    dynamic_form (1.1.4)
    enforce_schema_rules (0.0.16)
      activerecord
    erubis (2.7.0)
    eventmachine (1.0.0)
    execjs (1.4.0)
      multi_json (~> 1.0)
    factory_girl (2.0.5)
    faraday (0.8.4)
      multipart-post (~> 1.1)
    fastercsv (1.5.5)
    ffaker (1.15.0)
    foreigner (1.2.1)
      activerecord (>= 3.0.0)
    formtastic (2.1.1)
      actionpack (~> 3.0)
    girl_friday (0.10.0)
      connection_pool (~> 0.9.0)
    git (1.2.5)
    gli (2.5.0)
    grit (2.5.0)
      diff-lcs (~> 1.1)
      mime-types (~> 1.15)
      posix-spawn (~> 0.3.6)
    haml (3.1.7)
    has_scope (0.5.1)
    hashie (1.2.0)
    highline (1.6.15)
    hike (1.2.1)
    http_accept_language (1.0.2)
    httparty (0.9.0)
      multi_json (~> 1.0)
      multi_xml
    httpauth (0.2.0)
    i18n (0.6.1)
    inherited_resources (1.3.1)
      has_scope (~> 0.5.0)
      responders (~> 0.6)
    journey (1.0.4)
    jquery-rails (2.1.3)
      railties (>= 3.1.0, < 5.0)
      thor (~> 0.14)
    json (1.7.6)
    jwt (0.1.5)
      multi_json (>= 1.0)
    kaminari (0.14.1)
      actionpack (>= 3.0.0)
      activesupport (>= 3.0.0)
    kgio (2.7.4)
    localeapp (0.6.8)
      gli
      i18n
      json
      rest-client
      ya2yaml
    mail (2.4.4)
      i18n (>= 0.4.0)
      mime-types (~> 1.16)
      treetop (~> 1.4.8)
    mailcatcher (0.5.10)
      activesupport (~> 3.0)
      eventmachine (~> 1.0.0)
      haml (~> 3.1)
      mail (~> 2.3)
      sinatra (~> 1.2)
      skinny (~> 0.2.3)
      sqlite3 (~> 1.3)
      thin (~> 1.5.0)
    meta_search (1.1.3)
      actionpack (~> 3.1)
      activerecord (~> 3.1)
      activesupport (~> 3.1)
      polyamorous (~> 0.5.0)
    metaclass (0.0.1)
    mime-types (1.19)
    mini_fb (1.2.0)
      hashie
      hashie
      rest-client
      rest-client
    mocha (0.12.7)
      metaclass (~> 0.0.1)
    multi_json (1.5.0)
    multi_xml (0.5.1)
    multipart-post (1.1.5)
    mysql2 (0.3.11)
    net-scp (1.0.4)
      net-ssh (>= 1.99.1)
    net-sftp (2.0.5)
      net-ssh (>= 2.0.9)
    net-ssh (2.6.1)
    net-ssh-gateway (1.1.0)
      net-ssh (>= 1.99.1)
    newrelic_rpm (3.5.3.25)
    nokogiri (1.5.5)
    oauth2 (0.8.0)
      faraday (~> 0.8)
      httpauth (~> 0.1)
      jwt (~> 0.1.4)
      multi_json (~> 1.0)
      rack (~> 1.2)
    oj (1.4.5)
    omniauth (1.1.1)
      hashie (~> 1.2)
      rack
    omniauth-facebook (1.0.0)
      omniauth-oauth2 (~> 1.0.0)
    omniauth-oauth2 (1.0.3)
      oauth2 (~> 0.8.0)
      omniauth (~> 1.0)
    orm_adapter (0.0.7)
    paper_trail (2.6.3)
      activerecord (~> 3.0)
      railties (~> 3.0)
    polyamorous (0.5.0)
      activerecord (~> 3.0)
    polyglot (0.3.3)
    posix-spawn (0.3.6)
    rack (1.4.1)
    rack-cache (1.2)
      rack (>= 0.4)
    rack-offline (0.6.4)
    rack-protection (1.2.0)
      rack
    rack-ssl (1.3.2)
      rack
    rack-test (0.6.2)
      rack (>= 1.0)
    railroady (1.1.0)
    rails (3.2.10)
      actionmailer (= 3.2.10)
      actionpack (= 3.2.10)
      activerecord (= 3.2.10)
      activeresource (= 3.2.10)
      activesupport (= 3.2.10)
      bundler (~> 1.0)
      railties (= 3.2.10)
    rails-dev-tweaks (0.6.1)
      actionpack (~> 3.1)
      railties (~> 3.1)
    rails-footnotes (3.7.9)
      rails (>= 3.0.0)
    rails_autolink (1.0.9)
      rails (~> 3.1)
    railties (3.2.10)
      actionpack (= 3.2.10)
      activesupport (= 3.2.10)
      rack-ssl (~> 1.3.2)
      rake (>= 0.8.7)
      rdoc (~> 3.4)
      thor (>= 0.14.6, < 2.0)
    raindrops (0.10.0)
    rake (10.0.3)
    rdoc (3.12)
      json (~> 1.4)
    redis (2.2.2)
    redis-namespace (1.0.3)
      redis (< 3.0.0)
    responders (0.9.3)
      railties (~> 3.1)
    resque (1.20.0)
      multi_json (~> 1.0)
      redis-namespace (~> 1.0.2)
      sinatra (>= 0.9.2)
      vegas (~> 0.1.2)
    resque_mail_queue (0.4.0)
      actionmailer (>= 3.1)
      resque (>= 1.1.0)
    resque_unit (0.4.4)
      json (>= 1.4.6)
    rest-client (1.6.7)
      mime-types (>= 1.16)
    ruby-prof (0.11.2)
    rubycas-client (2.2.1)
      activesupport
    rubycas-client-rails (0.1.0)
      rails (>= 3.0.0)
      rubycas-client (>= 2.2.0)
    sass (3.1.14)
    sass-rails (3.2.5)
      railties (~> 3.2.0)
      sass (>= 3.1.10)
      tilt (~> 1.3)
    shoulda (3.3.2)
      shoulda-context (~> 1.0.1)
      shoulda-matchers (~> 1.4.1)
    shoulda-context (1.0.1)
    shoulda-matchers (1.4.1)
      activesupport (>= 3.0.0)
    simplecov (0.7.1)
      multi_json (~> 1.0)
      simplecov-html (~> 0.7.1)
    simplecov-html (0.7.1)
    sinatra (1.3.3)
      rack (~> 1.3, >= 1.3.6)
      rack-protection (~> 1.2)
      tilt (~> 1.3, >= 1.3.3)
    skinny (0.2.3)
      eventmachine (~> 1.0.0)
      thin (~> 1.5.0)
    sprockets (2.2.2)
      hike (~> 1.2)
      multi_json (~> 1.0)
      rack (~> 1.0)
      tilt (~> 1.1, != 1.3.0)
    sqlite3 (1.3.6)
    state_machine (1.1.2)
    strip_attributes (1.1.1)
      activemodel (~> 3.0)
    thin (1.5.0)
      daemons (>= 1.0.9)
      eventmachine (>= 0.12.6)
      rack (>= 1.0.0)
    thor (0.16.0)
    tilt (1.3.3)
    treetop (1.4.12)
      polyglot
      polyglot (>= 0.3.1)
    tzinfo (0.3.35)
    uglifier (1.3.0)
      execjs (>= 0.3.0)
      multi_json (~> 1.0, >= 1.0.2)
    unicorn (4.4.0)
      kgio (~> 2.6)
      rack
      raindrops (~> 0.7)
    uniform_notifier (1.1.0)
    uuidtools (2.1.3)
    valium (0.5.0)
      activerecord (>= 3.0.2)
    vegas (0.1.11)
      rack (>= 1.0.0)
    warden (1.2.1)
      rack (>= 1.0)
    webmock (1.8.11)
      addressable (>= 2.2.7)
      crack (>= 0.1.7)
    whenever (0.7.3)
      activesupport (>= 2.3.4)
      chronic (~> 0.6.3)
    ya2yaml (0.31)
    yard (0.8.3)

PLATFORMS
  ruby

DEPENDENCIES
  active_model_serializers
  activeadmin (~> 0.4.4)
  acts_as_list
  airbrake_user_attributes
  ancestry!
  autotest-rails
  awesome_print
  aws-sdk
  bitly
  bullet
  cancan
  capistrano
  carmen!
  client_side_validations
  coffee-rails (~> 3.2.1)
  coffee-script
  copycopter_client
  crack
  dalli
  deadlock_retry
  default_value_for
  delegate_presenter
  devise (= 1.5.1)
  dynamic_form
  enforce_schema_rules
  factory_girl (~> 2.0.0.rc4)
  ffaker
  foreigner
  http_accept_language
  i18n-js!
  jquery-rails
  kaminari
  localeapp
  mailcatcher
  mini_fb
  mocha
  mysql2 (~> 0.3.11)
  newrelic_rpm (>= 3.5.3.25)
  nokogiri
  oj
  omniauth
  omniauth-facebook (~> 1.0.0.rc2)
  paper_trail (~> 2)
  paperclip!
  pd-cap-recipes!
  rack-offline
  railroady
  rails (~> 3.2.2)
  rails-dev-tweaks
  rails-footnotes
  rails_autolink
  ransack!
  redis
  resque (~> 1.20.0)
  resque_mail_queue
  resque_unit
  rest-client
  ruby-prof
  rubycas-client (~> 2.2.1)
  rubycas-client-rails (~> 0.1.0)
  sass (= 3.1.14)
  sass-rails (~> 3.2.3)
  shoulda
  simplecov (>= 0.3.5)
  state_machine
  strip_attributes
  trumant-rack-oauth2-server!
  twilio-rb!
  uglifier (>= 1.0.3)
  unicorn
  valium
  versionist!
  vpim!
  webmock
  whenever
