GIT
  remote: git://github.com/romanbsd/translate.git
  revision: 01f2c402075183718edd496300814a4a9c40a6eb
  specs:
    translate-rails3 (0.1.1)
      ya2yaml (~> 0.30)

GIT
  remote: git://github.com/sferik/rails_admin.git
  revision: c458f1424d1c44514e2ace7fd4bc342f04f614e6
  specs:
    rails_admin (0.0.1)
      builder (~> 3.0.0)
      haml (>= 3.1.0, < 3.3.0)
      rails (~> 3.1.0)

GIT
  remote: git://github.com/twinge/rack-oauth2-server.git
  revision: 7edd808f2b0fa212de4a22abf564caeb13a32760
  branch: active_record
  specs:
    trumant-rack-oauth2-server (2.2.1.1)
      rack (~> 1.1)
      rails (>= 2.3.11)

GIT
  remote: git://github.com/zuk/rubycas-client-rails.git
  revision: e9c81709f5af17555d6cc6eb365743b8239b9e6e
  specs:
    rubycas-client-rails (0.1.0)
      rails (>= 3.0.0)
      rubycas-client (>= 2.2.0)

GEM
  remote: https://rubygems.org/
  specs:
    aaronh-chronic (0.3.9)
    actionmailer (3.1.0)
      actionpack (= 3.1.0)
      mail (~> 2.3.0)
    actionpack (3.1.0)
      activemodel (= 3.1.0)
      activesupport (= 3.1.0)
      builder (~> 3.0.0)
      erubis (~> 2.7.0)
      i18n (~> 0.6)
      rack (~> 1.3.2)
      rack-cache (~> 1.0.3)
      rack-mount (~> 0.8.2)
      rack-test (~> 0.6.1)
      sprockets (~> 2.0.0)
    active_reload (0.6.0)
    activemodel (3.1.0)
      activesupport (= 3.1.0)
      bcrypt-ruby (~> 3.0.0)
      builder (~> 3.0.0)
      i18n (~> 0.6)
    activerecord (3.1.0)
      activemodel (= 3.1.0)
      activesupport (= 3.1.0)
      arel (~> 2.2.1)
      tzinfo (~> 0.3.29)
    activeresource (3.1.0)
      activemodel (= 3.1.0)
      activesupport (= 3.1.0)
    activesupport (3.1.0)
      multi_json (~> 1.0)
    acts_as_list (0.1.4)
    addressable (2.2.6)
    ancestry (1.2.4)
      activerecord (>= 2.2.2)
    arel (2.2.1)
    awesome_print (0.4.0)
    bcrypt-ruby (3.0.0)
    builder (3.0.0)
    cancan (1.6.5)
    capistrano (2.8.0)
      highline
      net-scp (>= 1.0.0)
      net-sftp (>= 2.0.0)
      net-ssh (>= 2.0.14)
      net-ssh-gateway (>= 1.1.0)
    client_side_validations (3.1.0)
    coffee-script (2.2.0)
      coffee-script-source
      execjs
    coffee-script-source (1.1.2)
    crack (0.1.8)
    deadlock_retry (1.1.1)
    devise (1.4.4)
      bcrypt-ruby (~> 3.0)
      orm_adapter (~> 0.0.3)
      warden (~> 1.0.3)
    dynamic_form (1.1.4)
    enforce_schema_rules (0.0.16)
      activerecord
    erubis (2.7.0)
    execjs (1.2.4)
      multi_json (~> 1.0)
    factory_girl (2.0.5)
    faraday (0.6.1)
      addressable (~> 2.2.4)
      multipart-post (~> 1.1.0)
      rack (< 2, >= 1.1.0)
    haml (3.1.2)
    hashie (1.1.0)
    highline (1.6.2)
    hike (1.2.1)
    hoptoad_notifier (2.4.11)
      activesupport
      builder
    i18n (0.6.0)
    jquery-rails (1.0.13)
      railties (~> 3.0)
      thor (~> 0.14)
    kaminari (0.12.4)
      rails (>= 3.0.0)
    kgio (2.6.0)
    mail (2.3.0)
      i18n (>= 0.4.0)
      mime-types (~> 1.16)
      treetop (~> 1.4.8)
    memcache-client (1.8.5)
    mime-types (1.16)
    mini_fb (1.1.7)
      hashie
      rest-client
    mocha (0.9.12)
    multi_json (1.0.3)
    multi_xml (0.2.2)
    multipart-post (1.1.3)
    mysql2 (0.3.7)
    net-scp (1.0.4)
      net-ssh (>= 1.99.1)
    net-sftp (2.0.5)
      net-ssh (>= 2.0.9)
    net-ssh (2.2.1)
    net-ssh-gateway (1.1.0)
      net-ssh (>= 1.99.1)
    newrelic_rpm (3.1.1.beta3)
    oa-core (0.2.6)
    oa-oauth (0.2.6)
      faraday (~> 0.6.1)
      multi_json (~> 1.0.0)
      multi_xml (~> 0.2.2)
      oa-core (= 0.2.6)
      oauth (~> 0.4.0)
      oauth2 (~> 0.4.1)
    oauth (0.4.5)
    oauth2 (0.4.1)
      faraday (~> 0.6.1)
      multi_json (>= 0.0.5)
    orm_adapter (0.0.5)
    paper_trail (2.3.2)
      rails (~> 3)
    polyglot (0.3.2)
    rack (1.3.2)
    rack-cache (1.0.3)
      rack (>= 0.4)
    rack-mount (0.8.3)
      rack (>= 1.0.0)
    rack-offline (0.6.2)
    rack-ssl (1.3.2)
      rack
    rack-test (0.6.1)
      rack (>= 1.0)
    railroady (1.0.2)
    rails (3.1.0)
      actionmailer (= 3.1.0)
      actionpack (= 3.1.0)
      activerecord (= 3.1.0)
      activeresource (= 3.1.0)
      activesupport (= 3.1.0)
      bundler (~> 1.0)
      railties (= 3.1.0)
    railties (3.1.0)
      actionpack (= 3.1.0)
      activesupport (= 3.1.0)
      rack-ssl (~> 1.3.2)
      rake (>= 0.8.7)
      rdoc (~> 3.4)
      thor (~> 0.14.6)
    raindrops (0.7.0)
    rake (0.9.2)
    ransack (0.5.5)
      actionpack (~> 3.0)
      activerecord (~> 3.0)
      activesupport (~> 3.0)
    rdoc (3.9.4)
    redis (2.2.2)
    redis-namespace (1.0.3)
      redis (< 3.0.0)
    resque (1.18.6)
      multi_json (~> 1.0)
      redis-namespace (~> 1.0.2)
      sinatra (>= 0.9.2)
      vegas (~> 0.1.2)
    rest-client (1.6.7)
      mime-types (>= 1.16)
    ruby-prof (0.10.8)
    rubycas-client (2.2.1)
      activesupport
    sass (3.1.7)
    shoulda (2.11.3)
    simplecov (0.4.2)
      simplecov-html (~> 0.4.4)
    simplecov-html (0.4.5)
    sinatra (1.2.6)
      rack (~> 1.1)
      tilt (< 2.0, >= 1.2.2)
    sprockets (2.0.0)
      hike (~> 1.2)
      rack (~> 1.0)
      tilt (!= 1.3.0, ~> 1.1)
    state_machine (1.0.2)
    thor (0.14.6)
    tilt (1.3.3)
    treetop (1.4.10)
      polyglot
      polyglot (>= 0.3.1)
    tzinfo (0.3.29)
    uglifier (1.0.2)
      execjs (>= 0.3.0)
      multi_json (>= 1.0.2)
    unicorn (4.1.1)
      kgio (~> 2.4)
      rack
      raindrops (~> 0.6)
    vegas (0.1.8)
      rack (>= 1.0.0)
    warden (1.0.5)
      rack (>= 1.0)
    whenever (0.6.8)
      aaronh-chronic (>= 0.3.9)
      activesupport (>= 2.3.4)
    ya2yaml (0.30)

PLATFORMS
  ruby

DEPENDENCIES
  active_reload
  acts_as_list
  ancestry
  awesome_print
  cancan
  capistrano
  client_side_validations
  coffee-script
  crack
  deadlock_retry
  devise
  dynamic_form
  enforce_schema_rules
  factory_girl (~> 2.0.0.rc4)
  hoptoad_notifier
  jquery-rails
  kaminari
  memcache-client
  mini_fb
  mocha
  mysql2
  newrelic_rpm (= 3.1.1.beta3)
  oa-oauth
  paper_trail (~> 2)
  rack-offline
  railroady
  rails (~> 3.1.0)
  rails_admin!
  ransack
  resque
  rest-client
  ruby-prof
  rubycas-client
  rubycas-client-rails!
  sass
  shoulda
  simplecov (>= 0.3.5)
  state_machine
  translate-rails3!
  trumant-rack-oauth2-server!
  uglifier
  unicorn
  whenever
