GIT
  remote: http://github.com/ernie/ransack.git
  revision: c7c4e46dc19fe6f755183a6da39fcb82a265ed10
  ref: c7c4e46dc19fe6f755183a6da39fcb82a265ed10
  specs:
    ransack (0.7.3)
      actionpack (~> 3.0)
      activerecord (~> 3.0)
      polyamorous (~> 0.5.0)

GIT
  remote: http://github.com/stefankroes/ancestry.git
  revision: 46449bce3edaf19400e3042297a5563777a3ee4b
  specs:
    ancestry (2.1.0)
      activerecord (>= 3.0.0)

GIT
  remote: http://github.com/stevegraham/twilio-rb.git
  revision: fad1e27e2e3a3df84f6c15a42e1eab1c69deae7b
  ref: fad1e27e2e3a3df84f6c15a42e1eab1c69deae7b
  specs:
    twilio-rb (2.2.2)
      activesupport (>= 3.0.0)
      builder (>= 2.1.2)
      crack (~> 0.3.2)
      httparty (~> 0.10.0)
      i18n (~> 0.5)
      jwt (>= 0.1.3)

GIT
  remote: http://github.com/thoughtbot/paperclip.git
  revision: 52840dcd9d87708eccded7477221c5420761e085
  ref: 52840dcd9d87708eccded7477221c5420761e085
  specs:
    paperclip (3.5.3)
      activemodel (>= 3.0.0)
      activesupport (>= 3.0.0)
      cocaine (~> 0.5.3)
      mime-types

GIT
  remote: http://github.com/twinge/carmen.git
  revision: 84d00d0319ff09ccff17c21d24e327806e665edb
  specs:
    carmen (0.2.7)

GIT
  remote: http://github.com/twinge/rack-oauth2-server.git
  revision: 33a5b65845faf84c0094a770447a5e716a19cb2e
  branch: active_record
  specs:
    trumant-rack-oauth2-server (2.2.1.1)
      rack (~> 1.1)
      rails (>= 2.3.11)

GIT
  remote: http://github.com/twinge/vpim.git
  revision: d1d95aac5eccccc7c258b7f9eacb00ba6b31d39e
  specs:
    vpim (11.9.6)

GEM
  remote: http://rubygems.org/
  specs:
    actionmailer (3.2.19)
      actionpack (= 3.2.19)
      mail (~> 2.5.4)
    actionpack (3.2.19)
      activemodel (= 3.2.19)
      activesupport (= 3.2.19)
      builder (~> 3.0.0)
      erubis (~> 2.7.0)
      journey (~> 1.0.4)
      rack (~> 1.4.5)
      rack-cache (~> 1.2)
      rack-test (~> 0.6.1)
      sprockets (~> 2.2.1)
    active_model_serializers (0.8.1)
      activemodel (>= 3.0)
    activeadmin (0.4.4)
      bourbon (>= 1.0.0)
      devise (>= 1.1.2)
      fastercsv
      formtastic (~> 2.1.1)
      inherited_resources (>= 1.3.1)
      jquery-rails (>= 1.0.0)
      kaminari (>= 0.13.0)
      meta_search (>= 0.9.2)
      rails (>= 3.0.0)
      sass (>= 3.1.0)
    activemodel (3.2.19)
      activesupport (= 3.2.19)
      builder (~> 3.0.0)
    activerecord (3.2.19)
      activemodel (= 3.2.19)
      activesupport (= 3.2.19)
      arel (~> 3.0.2)
      tzinfo (~> 0.3.29)
    activeresource (3.2.19)
      activemodel (= 3.2.19)
      activesupport (= 3.2.19)
    activesupport (3.2.19)
      i18n (~> 0.6, >= 0.6.4)
      multi_json (~> 1.0)
    acts_as_list (0.3.0)
      activerecord (>= 3.0)
    addressable (2.3.6)
    airbrake (3.1.17)
      builder
      multi_json
    arel (3.0.3)
    awesome_print (1.2.0)
    aws-sdk (1.8.1.3)
      json (~> 1.4)
      nokogiri (>= 1.4.4)
      uuidtools (~> 2.1)
    bcrypt (3.1.7)
    bcrypt-ruby (3.1.5)
      bcrypt (>= 3.1.3)
    better_errors (1.1.0)
      coderay (>= 1.0.0)
      erubis (>= 2.6.6)
    bitly (0.9.0)
      httparty (>= 0.7.6)
      multi_json (~> 1.3)
      oauth2 (>= 0.5.0, < 0.9)
    bluepill (0.0.60)
      activesupport (>= 3.0.0)
      daemons (~> 1.1.4, <= 1.1.6)
      i18n (>= 0.5.0)
      state_machine (~> 1.1.0)
    bootstrap-sass (3.1.1.1)
      sass (~> 3.2)
    bourbon (3.2.3)
      sass (~> 3.2)
      thor
    builder (3.0.4)
    bullet (4.6.0)
      uniform_notifier
    cancan (1.6.10)
    capistrano (3.0.1)
      i18n
      rake (>= 10.0.0)
      sshkit (>= 0.0.23)
    celluloid (0.15.2)
      timers (~> 1.1.0)
    chronic (0.10.2)
    chunky_png (1.3.1)
    client_side_validations (3.2.6)
    climate_control (0.0.3)
      activesupport (>= 3.0)
    cocaine (0.5.4)
      climate_control (>= 0.0.3, < 1.0)
    coderay (1.1.0)
    coffee-rails (3.2.2)
      coffee-script (>= 2.2.0)
      railties (~> 3.2.0)
    coffee-script (2.2.0)
      coffee-script-source
      execjs
    coffee-script-source (1.7.1)
    colorize (0.7.3)
    compass (0.12.7)
      chunky_png (~> 1.2)
      fssm (>= 0.2.7)
      sass (~> 3.2.19)
    compass-normalize (1.4.3)
      compass (>= 0.12.0)
    compass-rails (1.1.7)
      compass (>= 0.12.2)
      sprockets (<= 2.11.0)
    connection_pool (2.0.0)
    copycopter_client (2.0.1)
      i18n (>= 0.5.0)
      json
    crack (0.3.2)
    daemons (1.1.6)
    dalli (2.6.4)
    deadlock_retry (1.2.0)
    default_value_for (2.0.3)
    delegate_presenter (0.0.2)
      rails
    devise (2.1.4)
      bcrypt-ruby (~> 3.0)
      orm_adapter (~> 0.1)
      railties (~> 3.1)
      warden (~> 1.2.1)
    docile (1.1.5)
    dynamic_form (1.1.4)
    enforce_schema_rules (0.0.17)
      activerecord
    erubis (2.7.0)
    eventmachine (1.0.3)
    execjs (2.2.1)
    factory_girl (2.0.5)
    faraday (0.9.0)
      multipart-post (>= 1.2, < 3)
    fastercsv (1.5.5)
    ffaker (1.20.0)
    ffi (1.9.3)
    foreigner (1.5.0)
      activerecord (>= 3.0.0)
    formatador (0.2.5)
    formtastic (2.1.1)
      actionpack (~> 3.0)
    fssm (0.2.10)
    guard (1.8.3)
      formatador (>= 0.2.4)
      listen (~> 1.3)
      lumberjack (>= 1.0.2)
      pry (>= 0.9.10)
      thor (>= 0.14.6)
    guard-test (1.0.0)
      guard (>= 1.8)
      test-unit (~> 2.2)
    haml (4.0.5)
      tilt
    has_scope (0.6.0.rc)
      actionpack (>= 3.2, < 5)
      activesupport (>= 3.2, < 5)
    hashie (2.1.2)
    hashr (0.0.22)
    hike (1.2.3)
    http_accept_language (2.0.1)
    httparty (0.10.2)
      multi_json (~> 1.0)
      multi_xml (>= 0.5.2)
    httpauth (0.2.1)
    i18n (0.6.11)
    i18n-js (2.1.2)
      i18n
    infobase (1.0.0)
      activesupport
      oj (~> 2.1.0)
      rest-client (~> 1.6.7)
      retryable-rb (~> 1.1.0)
    inherited_resources (1.5.0)
      has_scope (~> 0.6.0.rc)
      responders (~> 1.0)
    journey (1.0.4)
    jquery-rails (3.0.4)
      railties (>= 3.0, < 5.0)
      thor (>= 0.14, < 2.0)
    json (1.8.1)
    jwt (0.1.13)
      multi_json (>= 1.5)
    kaminari (0.14.1)
      actionpack (>= 3.0.0)
      activesupport (>= 3.0.0)
    kgio (2.9.2)
    libv8 (3.11.8.17)
    listen (1.3.1)
      rb-fsevent (>= 0.9.3)
      rb-inotify (>= 0.9)
      rb-kqueue (>= 0.2)
    lumberjack (1.0.9)
    mail (2.5.4)
      mime-types (~> 1.16)
      treetop (~> 1.4.8)
    mailcatcher (0.5.12)
      activesupport (~> 3.0)
      eventmachine (~> 1.0.0)
      haml (>= 3.1, < 5)
      mail (~> 2.3)
      sinatra (~> 1.2)
      skinny (~> 0.2.3)
      sqlite3 (~> 1.3)
      thin (~> 1.5.0)
    meta_search (1.1.3)
      actionpack (~> 3.1)
      activerecord (~> 3.1)
      activesupport (~> 3.1)
      polyamorous (~> 0.5.0)
    metaclass (0.0.4)
    method_source (0.8.2)
    mime-types (1.25.1)
    mini_fb (2.0.0)
      hashie
      hashie
      rest-client
      rest-client
    mini_portile (0.6.0)
    mocha (1.1.0)
      metaclass (~> 0.0.1)
    multi_json (1.8.4)
    multi_xml (0.5.5)
    multipart-post (2.0.0)
    mysql2 (0.3.16)
    net-scp (1.2.1)
      net-ssh (>= 2.6.5)
    net-ssh (2.9.1)
    newrelic_rpm (3.9.0.229)
    nokogiri (1.6.2.1)
      mini_portile (= 0.6.0)
    oauth2 (0.8.1)
      faraday (~> 0.8)
      httpauth (~> 0.1)
      jwt (~> 0.1.4)
      multi_json (~> 1.0)
      rack (~> 1.2)
    oj (2.1.7)
    omniauth (1.1.4)
      hashie (>= 1.2, < 3)
      rack
    omniauth-cas (1.0.4)
      addressable (~> 2.3)
      nokogiri (~> 1.6)
      omniauth (~> 1.1.0)
    omniauth-facebook (1.4.0)
      omniauth-oauth2 (~> 1.0.2)
    omniauth-oauth2 (1.0.3)
      oauth2 (~> 0.8.0)
      omniauth (~> 1.0)
    orm_adapter (0.5.0)
    paper_trail (2.7.2)
      activerecord (~> 3.0)
      railties (~> 3.0)
    polyamorous (0.5.0)
      activerecord (~> 3.0)
    polyglot (0.3.5)
    pry (0.10.0)
      coderay (~> 1.1.0)
      method_source (~> 0.8.1)
      slop (~> 3.4)
    quiet_assets (1.0.3)
      railties (>= 3.1, < 5.0)
    rack (1.4.5)
    rack-cache (1.2)
      rack (>= 0.4)
    rack-mini-profiler (0.9.2)
      rack (>= 1.1.3)
    rack-offline (0.6.4)
    rack-protection (1.5.3)
      rack
    rack-ssl (1.3.4)
      rack
    rack-test (0.6.2)
      rack (>= 1.0)
    railroady (1.1.1)
    rails (3.2.19)
      actionmailer (= 3.2.19)
      actionpack (= 3.2.19)
      activerecord (= 3.2.19)
      activeresource (= 3.2.19)
      activesupport (= 3.2.19)
      bundler (~> 1.0)
      railties (= 3.2.19)
    rails-footnotes (3.7.9)
      rails (>= 3.0.0)
    rails_autolink (1.1.6)
      rails (> 3.1)
    railties (3.2.19)
      actionpack (= 3.2.19)
      activesupport (= 3.2.19)
      rack-ssl (~> 1.3.2)
      rake (>= 0.8.7)
      rdoc (~> 3.4)
      thor (>= 0.14.6, < 2.0)
    raindrops (0.13.0)
    rake (10.3.2)
    rb-fsevent (0.9.4)
    rb-inotify (0.9.5)
      ffi (>= 0.5.0)
    rb-kqueue (0.2.3)
      ffi (>= 0.5.0)
    rdoc (3.12.2)
      json (~> 1.4)
    redis (3.0.7)
    redis-namespace (1.5.0)
      redis (~> 3.0, >= 3.0.4)
    ref (1.0.5)
    responders (1.1.0)
      railties (>= 3.2, < 5)
    rest-client (1.6.8)
      mime-types (~> 1.16)
      rdoc (>= 2.4.2)
    retryable-rb (1.1.0)
    ruby-prof (0.13.1)
    sass (3.2.19)
    sass-rails (3.2.6)
      railties (~> 3.2.0)
      sass (>= 3.1.10)
      tilt (~> 1.3)
    shoulda (3.5.0)
      shoulda-context (~> 1.0, >= 1.0.1)
      shoulda-matchers (>= 1.4.1, < 3.0)
    shoulda-context (1.2.1)
    shoulda-matchers (2.6.1)
      activesupport (>= 3.0.0)
    sidekiq (2.15.2)
      celluloid (>= 0.15.2)
      connection_pool (>= 1.0.0)
      json
      redis (>= 3.0.4)
      redis-namespace (>= 1.3.1)
    sidekiq-failures (0.3.0)
      sidekiq (>= 2.14.0)
    simplecov (0.9.0)
      docile (~> 1.1.0)
      multi_json
      simplecov-html (~> 0.8.0)
    simplecov-html (0.8.0)
    sinatra (1.4.5)
      rack (~> 1.4)
      rack-protection (~> 1.4)
      tilt (~> 1.3, >= 1.3.4)
    skinny (0.2.3)
      eventmachine (~> 1.0.0)
      thin (~> 1.5.0)
    slop (3.6.0)
    sp_client (1.0.2)
      activesupport
      oj (~> 2.1.0)
      rest-client (~> 1.6.7)
      retryable-rb (~> 1.1.0)
    sprockets (2.2.2)
      hike (~> 1.2)
      multi_json (~> 1.0)
      rack (~> 1.0)
      tilt (~> 1.1, != 1.3.0)
    sqlite3 (1.3.9)
    sshkit (1.5.1)
      colorize
      net-scp (>= 1.1.2)
      net-ssh (>= 2.8.0)
    state_machine (1.1.2)
    strip_attributes (1.4.4)
      activemodel (>= 3.0, < 5.0)
    susy (1.0.9)
      compass (>= 0.12.2)
      sass (>= 3.2.0)
    test-unit (2.5.5)
    therubyracer (0.11.4)
      libv8 (~> 3.11.8.12)
      ref
    thin (1.5.1)
      daemons (>= 1.0.9)
      eventmachine (>= 0.12.6)
      rack (>= 1.0.0)
    thor (0.19.1)
    tilt (1.4.1)
    timers (1.1.0)
    travis-lint (1.7.0)
      hashr (~> 0.0.22)
    treetop (1.4.15)
      polyglot
      polyglot (>= 0.3.1)
    tzinfo (0.3.40)
    uglifier (2.5.3)
      execjs (>= 0.3.0)
      json (>= 1.8.0)
    unicorn (4.6.3)
      kgio (~> 2.6)
      rack
      raindrops (~> 0.7)
    uniform_notifier (1.6.2)
    uuidtools (2.1.4)
    valium (0.5.0)
      activerecord (>= 3.0.2)
    versionist (1.0.0)
      rails (~> 3.0)
      yard (~> 0.7)
    warden (1.2.3)
      rack (>= 1.0)
    webmock (1.18.0)
      addressable (>= 2.3.6)
      crack (>= 0.3.2)
    whenever (0.8.4)
      activesupport (>= 2.3.4)
      chronic (>= 0.6.3)
    wiser_date (0.3.0)
      rails (>= 3.1)
    wiser_timezone (0.1.9)
    yard (0.8.7.4)

PLATFORMS
  ruby

DEPENDENCIES
  active_model_serializers
  activeadmin (~> 0.4.4)
  acts_as_list (~> 0.3.0)
  airbrake (~> 3.1.14)
  ancestry!
  awesome_print (~> 1.2.0)
  aws-sdk (= 1.8.1.3)
  better_errors (>= 0.7.2)
  bitly (~> 0.9.0)
  bluepill (= 0.0.60)
  bootstrap-sass (~> 3.1.0)
  bullet (~> 4.6.0)
  cancan (~> 1.6.10)
  capistrano (~> 3.0.0)
  carmen!
  client_side_validations (~> 3.2.6)
  coffee-rails (~> 3.2.1)
  coffee-script (~> 2.2.0)
  compass (~> 0.12.2)
  compass-normalize (~> 1.4.3)
  compass-rails (~> 1.1.2)
  copycopter_client (~> 2.0.1)
  crack (~> 0.3.2)
  dalli (~> 2.6.4)
  deadlock_retry (~> 1.2.0)
  default_value_for (~> 2.0.3)
  delegate_presenter (~> 0.0.2)
  devise (~> 2.1.0)
  dynamic_form (~> 1.1.4)
  enforce_schema_rules (~> 0.0.17)
  factory_girl (~> 2.0.0.rc4)
  ffaker (~> 1.20.0)
  foreigner (~> 1.5.0)
  guard (~> 1.8.2)
  guard-test (~> 1.0.0)
  http_accept_language (~> 2.0.0)
  i18n-js
  infobase (~> 1.0.0)
  jquery-rails (~> 3.0.4)
  kaminari (~> 0.14.1)
  libv8 (= 3.11.8.17)
  mailcatcher (~> 0.5.12)
  mini_fb (~> 2.0.0)
  mocha
  multi_json (~> 1.8.2)
  mysql2 (~> 0.3.11)
  newrelic_rpm (>= 3.5.3.25)
  nokogiri (~> 1.6.0)
  oj (~> 2.1.7)
  omniauth (~> 1.1.1)
  omniauth-cas
  omniauth-facebook (= 1.4.0)
  paper_trail (~> 2.7.2)
  paperclip!
  quiet_assets (~> 1.0.2)
  rack-mini-profiler
  rack-offline (~> 0.6.4)
  railroady (~> 1.1.1)
  rails (~> 3.2.15)
  rails-footnotes (~> 3.7.9)
  rails_autolink (~> 1.1.4)
  ransack!
  redis (~> 3.0.5)
  rest-client (~> 1.6.7)
  retryable-rb (~> 1.1.0)
  ruby-prof (~> 0.13.0)
  sass (~> 3.2.12)
  sass-rails (~> 3.2.3)
  shoulda
  sidekiq (~> 2.15.2)
  sidekiq-failures (~> 0.3.0)
  simplecov (>= 0.3.5)
  sinatra (>= 1.3.0)
  sp_client (~> 1.0.2)
  state_machine (~> 1.1.2)
  strip_attributes (~> 1.4.4)
  susy (~> 1.0.9)
  therubyracer (~> 0.11.4)
  travis-lint (~> 1.7.0)
  trumant-rack-oauth2-server!
  twilio-rb!
  uglifier (>= 1.0.3)
  unicorn (~> 4.6.3)
  valium (~> 0.5.0)
  versionist (~> 1.0.0)
  vpim!
  webmock
  whenever (~> 0.8.4)
  wiser_date (~> 0.3.0)
  wiser_timezone (~> 0.1.9)
